GEM
  remote: http://rubygems.org/
  specs:
    activesupport (3.1.0.rc1)
      multi_json (~> 1.0)
    git (1.2.5)
    jeweler (1.6.0)
      bundler (~> 1.0.0)
      git (>= 1.2.5)
      rake
    multi_json (1.0.2)
    rake (0.9.0)
    rcov (0.9.9)
    shoulda (2.11.3)

PLATFORMS
  ruby

DEPENDENCIES
  activesupport (>= 3.1.0.beta1)
  bundler (~> 1.0.0)
  jeweler (~> 1.6.0)
  rcov
  shoulda
